GEM
  remote: https://rubygems.org/
  specs:
    ast (2.4.2)
    parser (3.0.0.0)
      ast (~> 2.4.1)

PLATFORMS
  x86_64-darwin-20

DEPENDENCIES
  parser

BUNDLED WITH
   2.2.8
